GEM
  remote: https://rubygems.org/
  specs:
    bson (1.12.0)
    bson_ext (1.12.0)
      bson (~> 1.12.0)
    coderay (1.1.0)
    method_source (0.8.2)
    mini_portile (0.6.0)
    minitest (5.4.2)
    minitest-colorize (0.0.5)
      minitest (>= 2.0)
    mongo (1.12.0)
      bson (= 1.12.0)
    nokogiri (1.6.3.1)
      mini_portile (= 0.6.0)
    pry (0.10.1)
      coderay (~> 1.1.0)
      method_source (~> 0.8.1)
      slop (~> 3.4)
    rack (1.5.2)
    rack-protection (1.5.3)
      rack
    rake (10.4.2)
    sinatra (1.4.5)
      rack (~> 1.4)
      rack-protection (~> 1.4)
      tilt (~> 1.3, >= 1.3.4)
    slop (3.6.0)
    tilt (1.4.1)

PLATFORMS
  ruby

DEPENDENCIES
  bson_ext (~> 1.12.0)
  minitest-colorize
  mongo (~> 1.12.0)
  nokogiri
  pry
  rake (~> 10.4.2)
  sinatra
